GEM
  remote: https://rubygems.org/
  specs:
    abbrev (0.1.2)
    coderay (1.1.3)
    dotenv (2.8.1)
    event_stream_parser (1.0.0)
    faraday (2.9.0)
      faraday-net_http (>= 2.0, < 3.2)
    faraday-multipart (1.0.4)
      multipart-post (~> 2)
    faraday-net_http (3.1.0)
      net-http
    haml (6.3.0)
      temple (>= 0.8.2)
      thor
      tilt
    httparty (0.21.0)
      mini_mime (>= 1.0.0)
      multi_xml (>= 0.5.2)
    method_source (1.0.0)
    mini_mime (1.1.5)
    multi_xml (0.6.0)
    multipart-post (2.3.0)
    net-http (0.4.1)
      uri
    prettier_print (1.2.1)
    pry (0.14.2)
      coderay (~> 1.1)
      method_source (~> 1.0)
    rbs (3.4.3)
      abbrev
    ruby-openai (6.3.1)
      event_stream_parser (>= 0.3.0, < 2.0.0)
      faraday (>= 1)
      faraday-multipart (>= 1)
    syntax_tree (6.2.0)
      prettier_print (>= 1.2.0)
    syntax_tree-haml (4.0.3)
      haml (>= 5.2)
      prettier_print (>= 1.2.1)
      syntax_tree (>= 6.0.0)
    syntax_tree-rbs (1.0.0)
      prettier_print
      rbs
      syntax_tree (>= 2.0.1)
    temple (0.10.3)
    thor (1.3.0)
    tilt (2.3.0)
    uri (0.13.0)

PLATFORMS
  x86_64-linux

DEPENDENCIES
  dotenv
  event_stream_parser
  faraday
  faraday-multipart
  httparty
  prettier_print
  pry
  ruby-openai
  syntax_tree
  syntax_tree-haml
  syntax_tree-rbs

RUBY VERSION
   ruby 3.2.2p53

BUNDLED WITH
   2.4.16
