GEM
  remote: https://rubygems.org/
  specs:
    abbrev (0.1.2)
    addressable (2.8.6)
      public_suffix (>= 2.0.2, < 6.0)
    baran (0.1.12)
    coderay (1.1.3)
    colorize (1.1.0)
    dotenv (2.8.1)
    event_stream_parser (1.0.0)
    faraday (2.9.0)
      faraday-net_http (>= 2.0, < 3.2)
    faraday-multipart (1.0.4)
      multipart-post (~> 2)
    faraday-net_http (3.1.0)
      net-http
    haml (6.3.0)
      temple (>= 0.8.2)
      thor
      tilt
    hnswlib (0.8.1)
    httparty (0.21.0)
      mini_mime (>= 1.0.0)
      multi_xml (>= 0.5.2)
    json-schema (4.3.0)
      addressable (>= 2.8)
    langchainrb (0.13.3)
      baran (~> 0.1.9)
      colorize (~> 1.1.0)
      json-schema (~> 4)
      matrix
      pragmatic_segmenter (~> 0.3.0)
      to_bool (~> 2.0.0)
      zeitwerk (~> 2.5)
    matrix (0.4.2)
    method_source (1.0.0)
    mini_mime (1.1.5)
    multi_xml (0.6.0)
    multipart-post (2.3.0)
    net-http (0.4.1)
      uri
    pragmatic_segmenter (0.3.23)
      unicode
    prettier_print (1.2.1)
    pry (0.14.2)
      coderay (~> 1.1)
      method_source (~> 1.0)
    public_suffix (5.1.0)
    rbs (3.4.3)
      abbrev
    ruby-openai (6.3.1)
      event_stream_parser (>= 0.3.0, < 2.0.0)
      faraday (>= 1)
      faraday-multipart (>= 1)
    syntax_tree (6.2.0)
      prettier_print (>= 1.2.0)
    syntax_tree-haml (4.0.3)
      haml (>= 5.2)
      prettier_print (>= 1.2.1)
      syntax_tree (>= 6.0.0)
    syntax_tree-rbs (1.0.0)
      prettier_print
      rbs
      syntax_tree (>= 2.0.1)
    temple (0.10.3)
    thor (1.3.0)
    tilt (2.3.0)
    to_bool (2.0.0)
    unicode (0.4.4.4)
    uri (0.13.0)
    zeitwerk (2.6.16)

PLATFORMS
  x86_64-linux

DEPENDENCIES
  dotenv
  event_stream_parser
  faraday
  faraday-multipart
  hnswlib (~> 0.8.1)
  httparty
  langchainrb
  prettier_print
  pry
  ruby-openai
  syntax_tree
  syntax_tree-haml
  syntax_tree-rbs

RUBY VERSION
   ruby 3.2.2p53

BUNDLED WITH
   2.4.16
